GEM
  remote: https://rubygems.org/
  specs:
    byebug (5.0.0)
      columnize (= 0.9.0)
    columnize (0.9.0)
    daemons (1.2.3)
    em-proxy (0.1.8)
      eventmachine
    eventmachine (1.0.7)
    foreman (0.78.0)
      thor (~> 0.19.1)
    http_parser.rb (0.6.0)
    rack (1.6.4)
    rack-protection (1.5.3)
      rack
    sinatra (1.4.6)
      rack (~> 1.4)
      rack-protection (~> 1.4)
      tilt (>= 1.3, < 3)
    thin (1.6.3)
      daemons (~> 1.0, >= 1.0.9)
      eventmachine (~> 1.0)
      rack (~> 1.0)
    thor (0.19.1)
    tilt (2.0.1)

PLATFORMS
  ruby

DEPENDENCIES
  byebug
  em-proxy
  foreman
  http_parser.rb
  sinatra
  thin

BUNDLED WITH
   1.10.6
